##TITLE= Parameter file, TopSpin 3.6.5
##JCAMPDX= 5.0
##DATATYPE= Parameter Values
##NPOINTS= 641141	$$ modification sequence number
##ORIGIN= Bruker BioSpin GmbH
##OWNER= nmrsu
$$ 2023-11-21 10:07:43.480 -0500  root@ssnmr
$$ C:/Bruker/TopSpin3.6.5/conf/instr/spect/specpar
$$ process C:\Bruker\TopSpin3.6.5\prog\mod\hconfserver.exe
##$HPPRECH= (0..15)
-1 -1 -1 -1 1 -1 -1 -1 -1 -1 -1 -1 -1 -1 -1 -1
##$HPSELECT= no
##$NUC1= 1
##$NUC2= 2
##$NUC3= 0
##$NUC4= 0
##$NUC5= 0
##$NUC6= 0
##$NUC7= 0
##$NUC8= 0
##$NUCARR= (0..123)
500.28 500.28 76.796026 533.618529 381.110487 73.621635 194.427804 70.29841
53.748372 160.509705 125.795506 36.139652 50.692932 67.820243 470.733518
39.493584 132.333565 30.625316 130.357254 99.391563 202.517056 38.401493
49.016979 40.801461 23.344931 12.813697 33.668989 121.526752 28.203455
28.210974 49.879462 131.588388 28.278307 124.0155 16.197956 118.701806
44.705276 132.651608 142.097995 31.301534 120.073974 152.568911 17.451342
85.661013 95.410965 26.10322 125.340051 135.108208 19.248773 48.301749
163.693887 21.681245 24.514711 46.50752 122.449383 32.602877 33.287105
112.604653 23.038649 25.821297 15.941157 22.893313 20.250429 23.280695
106.136803 111.028016 109.389999 109.6245 163.685357 178.261065 186.557574
119.719891 64.832371 130.921985 157.837184 100.093451 139.128799 41.242688
65.617435 49.700101 55.595756 66.008444 70.667757 153.185736 27.26526 16.809408
20.861676 17.209632 124.369608 54.930744 15.358596 20.161284 120.267312
17.209632 24.113496 106.759752 14.408064 41.473212 87.545528 24.118499
57.051931 40.677767 20.04622 12.592048 59.981571 20.843601 112.686069 113.821704
11.418046 38.848743 8.59481 9.360239 107.544111 8.649841 89.60426 33.076427
285.775945 288.580705 104.661573 80.391434 9.212156 100 100 100
##$NUCOFFS= (0..127)
<1H> <13C> <31P> <19F> <15N> <11B> <2H> <79Br> <207Pb> <9Be> <14N> <109Ag>
<79Se> <> <> <> <> <> <> <> <> <> <> <> <> <> <> <> <> <> <> <> <> <> <>
<> <> <> <> <> <> <> <> <> <> <> <> <> <> <> <> <> <> <> <> <> <> <> <>
<> <> <> <> <> <> <> <> <> <> <> <> <> <> <> <> <> <> <> <> <> <> <> <>
<> <> <> <> <> <> <> <> <> <> <> <> <> <> <> <> <> <> <> <> <> <> <> <>
<> <> <> <> <> <> <> <> <> <> <> <> <> <> <> <> <> <> <> <> <>
##$OFFS= (0..127)
0 0 0 -37812 0 0 0 0 0 0 0 0 0 0 0 0 0 0 0 0 0 0 0 0 0 0 0 0 0 0 0 0 0
0 0 0 0 0 0 0 0 0 0 0 0 0 0 0 0 0 0 0 0 0 0 0 0 0 0 0 0 0 0 0 0 0 0 0 0
0 0 0 0 0 0 0 0 0 0 0 0 0 0 0 0 0 0 0 0 0 0 0 0 0 0 0 0 0 0 0 0 0 0 0 0
0 0 0 0 0 0 0 0 0 0 0 0 0 0 0 0 0 0 0 0 0 0 0
##$OFFSF= (0..7)
-94146.7000000102 -47073.1 0 0 0 0 0 0
##$OFFSH= (0..7)
2356.80000002958 2540.40000004352 2140.20000004211 0 0 0 0 0
##$OFFSX= (0..7)
12579.5999999951 345.600000002833 0 0 0 0 0 0
##$PRECHAN= (0..15)
-1 8 7 3 -1 -1 6 -1 -1 -1 -1 -1 -1 -1 -1 -1
##$RECPRE= (0..15)
-1 0 -1 -1 -1 -1 -1 -1 -1 -1 -1 -1 -1 -1 -1 -1
##$RECPRFX= (0..15)
1 0 0 0 0 0 0 0 0 0 0 0 0 0 0 0
##$RECSEL= (0..15)
0 0 0 0 1 0 0 0 0 0 0 0 0 0 0 0
##$SELREC= (0..9)
0 0 0 0 0 0 0 0 0 0
##$SFO1= 500.282351
##$SFO2= 76.796026
##$SFO3= 500.28
##$SFO4= 500.28
##$SFO5= 500.283089
##$SFO6= 500.283089
##$SFO7= 500.283089
##$SFO8= 500.283089
##END=
